GEM
  remote: https://rubygems.org/
  specs:
    mspec (1.9.1)
    rake (10.5.0)

PLATFORMS
  ruby

DEPENDENCIES
  mspec (~> 1.9)
  rake (~> 10)

BUNDLED WITH
   1.11.2
